GEM
  remote: https://rubygems.org/
  specs:
    chronic (0.10.2)
    colorize (0.7.3)
    whenever (0.9.4)
      chronic (>= 0.6.3)

PLATFORMS
  java
  ruby

DEPENDENCIES
  colorize (~> 0.7.3)
  whenever
